GEM
  remote: https://rubygems.org/
  specs:
    colorize (0.7.5)
    yard (0.8.7.4)

PLATFORMS
  ruby

DEPENDENCIES
  colorize
  yard
